GEM
  remote: https://rubygems.org/
  specs:
    activesupport (7.0.4.3)
      concurrent-ruby (~> 1.0, >= 1.0.2)
      i18n (>= 1.6, < 2)
      minitest (>= 5.1)
      tzinfo (~> 2.0)
    addressable (2.3.8)
    colorator (0.1)
    concurrent-ruby (1.2.2)
    faraday (0.9.2)
      multipart-post (>= 1.2, < 3)
    ffi (1.9.10)
    html-pipeline (2.14.3)
      activesupport (>= 2)
      nokogiri (>= 1.4)
    i18n (1.12.0)
      concurrent-ruby (~> 1.0)
    jekyll (3.1.2)
      colorator (~> 0.1)
      jekyll-sass-converter (~> 1.0)
      jekyll-watch (~> 1.1)
      kramdown (~> 1.3)
      liquid (~> 3.0)
      mercenary (~> 0.3.3)
      rouge (~> 1.7)
      safe_yaml (~> 1.0)
    jekyll-feed (0.3.1)
    jekyll-gist (1.4.0)
      octokit (~> 4.2)
    jekyll-mentions (1.0.1)
      html-pipeline (~> 2.3)
      jekyll (~> 3.0)
    jekyll-sass-converter (1.4.0)
      sass (~> 3.4)
    jekyll-sitemap (0.10.0)
    jekyll-watch (1.3.1)
      listen (~> 3.0)
    kramdown (1.10.0)
    liquid (3.0.6)
    listen (3.0.6)
      rb-fsevent (>= 0.9.3)
      rb-inotify (>= 0.9.7)
    mercenary (0.3.5)
    mini_portile2 (2.8.1)
    minitest (5.18.0)
    multipart-post (2.0.0)
    nokogiri (1.14.2)
      mini_portile2 (~> 2.8.0)
      racc (~> 1.4)
    octokit (4.2.0)
      sawyer (~> 0.6.0, >= 0.5.3)
    racc (1.6.2)
    rb-fsevent (0.9.7)
    rb-inotify (0.9.7)
      ffi (>= 0.5.0)
    rouge (1.10.1)
    safe_yaml (1.0.4)
    sass (3.4.21)
    sawyer (0.6.0)
      addressable (~> 2.3.5)
      faraday (~> 0.8, < 0.10)
    tzinfo (2.0.6)
      concurrent-ruby (~> 1.0)

PLATFORMS
  ruby

DEPENDENCIES
  jekyll (~> 3.0)
  jekyll-feed
  jekyll-gist
  jekyll-mentions
  jekyll-sitemap

BUNDLED WITH
   1.11.2
